GEM
  remote: https://rubygems.org/
  specs:
    addressable (2.7.0)
      public_suffix (>= 2.0.2, < 5.0)
    cliver (0.3.2)
    concurrent-ruby (1.1.6)
    dotenv (2.7.5)
    equatable (0.6.1)
    et-orbi (1.2.4)
      tzinfo
    ferrum (0.8)
      addressable (~> 2.6)
      cliver (~> 0.3)
      concurrent-ruby (~> 1.1)
      websocket-driver (>= 0.6, < 0.8)
    fugit (1.3.4)
      et-orbi (~> 1.1, >= 1.1.8)
      raabro (~> 1.1)
    localjob (0.4.1)
      sysvmq (~> 0.1)
      thor (= 0.18.1)
    pastel (0.7.3)
      equatable (~> 0.6)
      tty-color (~> 0.5)
    pg (1.2.3)
    public_suffix (4.0.4)
    raabro (1.1.6)
    rake (13.0.1)
    rufus-scheduler (3.6.0)
      fugit (~> 1.1, >= 1.1.6)
    sequel (5.31.0)
    sequel_pg (1.13.0)
      pg (>= 0.18.0, != 1.2.0)
      sequel (>= 4.38.0)
    sysvmq (0.2.2)
    thor (0.18.1)
    tty-color (0.5.1)
    tty-logger (0.3.0)
      pastel (~> 0.7.0)
    tzinfo (2.0.2)
      concurrent-ruby (~> 1.0)
    websocket-driver (0.7.1)
      websocket-extensions (>= 0.1.0)
    websocket-extensions (0.1.4)

PLATFORMS
  ruby

DEPENDENCIES
  dotenv
  ferrum
  localjob
  rake
  rufus-scheduler
  sequel
  sequel_pg
  tty-logger

BUNDLED WITH
   2.1.4
